GEM
  remote: http://rubygems.org/
  specs:
    rake (10.3.2)
    rouge (1.3.2)
    rugged (0.19.0)

PLATFORMS
  ruby

DEPENDENCIES
  rake
  rouge
  rugged
