GEM
  remote: http://rubygems.org/
  specs:
    rouge (1.3.4)
    rugged (0.19.0)

PLATFORMS
  ruby

DEPENDENCIES
  rouge (~> 1.3.3)
  rugged
