GEM
  remote: http://rubygems.org/
  specs:
    rouge (1.5.1)
    rugged (0.21.3)

PLATFORMS
  ruby

DEPENDENCIES
  rouge
  rugged
