GEM
  remote: http://rubygems.org/
  specs:
    rake (10.1.0)
    rouge (0.0.3)
    rugged (0.19.0)

PLATFORMS
  ruby

DEPENDENCIES
  rake
  rouge
  rugged
