GEM
  remote: http://rubygems.org/
  specs:
    activesupport (4.0.3)
      i18n (~> 0.6, >= 0.6.4)
      minitest (~> 4.2)
      multi_json (~> 1.3)
      thread_safe (~> 0.1)
      tzinfo (~> 0.3.37)
    atomic (1.1.14)
    charlock_holmes (0.6.9.4)
    diff-lcs (1.2.5)
    escape_utils (0.2.4)
    gemnasium-gitlab-service (0.1.2)
      gitlab_git (>= 3.0.0, < 6)
    gitlab-grit (2.6.4)
      charlock_holmes (~> 0.6.9)
      diff-lcs (~> 1.1)
      mime-types (~> 1.15)
      posix-spawn (~> 0.3.6)
    gitlab-linguist (3.0.0)
      charlock_holmes (~> 0.6.6)
      escape_utils (~> 0.2.4)
      mime-types (~> 1.19)
    gitlab_git (5.5.0)
      activesupport (~> 4.0.0)
      charlock_holmes (~> 0.6.9)
      gitlab-grit (~> 2.6.1)
      gitlab-linguist (~> 3.0.0)
      rugged (~> 0.19.0)
    i18n (0.6.9)
    mime-types (1.25.1)
    minitest (4.7.5)
    multi_json (1.8.4)
    posix-spawn (0.3.8)
    rouge (0.0.3)
    rugged (0.19.0)
    thread_safe (0.1.3)
      atomic
    tzinfo (0.3.38)

PLATFORMS
  ruby

DEPENDENCIES
  gemnasium-gitlab-service
  rouge
