GEM
  remote: http://rubygems.org/
  specs:
    rouge (1.3.2)
    rugged (0.19.0)

PLATFORMS
  ruby

DEPENDENCIES
  rouge
  rugged
